PATH
  remote: .
  specs:
    pronto-yard (0.1.1)
      pronto (~> 0.11.0)
      yard-junk (~> 0.0.9)

GEM
  remote: https://rubygems.org/
  specs:
    addressable (2.8.5)
      public_suffix (>= 2.0.2, < 6.0)
    backports (3.24.1)
    base64 (0.2.0)
    diff-lcs (1.5.0)
    faraday (2.7.12)
      base64
      faraday-net_http (>= 2.0, < 3.1)
      ruby2_keywords (>= 0.0.4)
    faraday-net_http (3.0.2)
    gitlab (4.19.0)
      httparty (~> 0.20)
      terminal-table (>= 1.5.1)
    httparty (0.21.0)
      mini_mime (>= 1.0.0)
      multi_xml (>= 0.5.2)
    mini_mime (1.1.5)
    multi_xml (0.6.0)
    octokit (7.2.0)
      faraday (>= 1, < 3)
      sawyer (~> 0.9)
    pronto (0.11.2)
      gitlab (>= 4.4.0, < 5.0)
      httparty (>= 0.13.7, < 1.0)
      octokit (>= 4.7.0, < 8.0)
      rainbow (>= 2.2, < 4.0)
      rexml (>= 3.2.5, < 4.0)
      rugged (>= 0.23.0, < 2.0)
      thor (>= 0.20.3, < 2.0)
    public_suffix (5.0.4)
    rainbow (3.1.1)
    rake (13.1.0)
    rexml (3.2.6)
    rspec (3.12.0)
      rspec-core (~> 3.12.0)
      rspec-expectations (~> 3.12.0)
      rspec-mocks (~> 3.12.0)
    rspec-core (3.12.2)
      rspec-support (~> 3.12.0)
    rspec-expectations (3.12.3)
      diff-lcs (>= 1.2.0, < 2.0)
      rspec-support (~> 3.12.0)
    rspec-mocks (3.12.6)
      diff-lcs (>= 1.2.0, < 2.0)
      rspec-support (~> 3.12.0)
    rspec-support (3.12.1)
    ruby2_keywords (0.0.5)
    rugged (1.7.1)
    sawyer (0.9.2)
      addressable (>= 2.3.5)
      faraday (>= 0.17.3, < 3)
    terminal-table (3.0.2)
      unicode-display_width (>= 1.1.1, < 3)
    thor (1.3.0)
    unicode-display_width (2.5.0)
    yard (0.9.34)
    yard-junk (0.0.9)
      backports (>= 3.18)
      rainbow
      yard

PLATFORMS
  arm64-darwin-22
  x86_64-linux

DEPENDENCIES
  bundler (~> 2.3.19)
  pronto-yard!
  rake (~> 13.0)
  rspec (~> 3.4)

BUNDLED WITH
   2.3.19
